GEM
  remote: https://rubygems.vpsfree.cz/
  specs:
    filelock (1.1.1)
    gli (2.17.2)
    json (2.3.0)
    libosctl (20.03.0.build20200514161328)
      rainbow (~> 3.0.0)
      require_all (~> 2.0.0)
    osctl-repo (20.03.0.build20200514161328)
      filelock
      gli (~> 2.17.1)
      json
      libosctl (= 20.03.0.build20200514161328)
      require_all (~> 2.0.0)
    rainbow (3.0.0)
    require_all (2.0.0)

PLATFORMS
  ruby

DEPENDENCIES
  osctl-repo (= 20.03.0.build20200514161328)

BUNDLED WITH
   1.17.3
