GEM
  remote: https://rubygems.vpsfree.cz/
  specs:
    concurrent-ruby (1.0.5)
    filelock (1.1.1)
    gli (2.17.2)
    ipaddress (0.8.3)
    json (2.3.0)
    libosctl (19.09.0.build20200405142449)
      rainbow (~> 3.0.0)
      require_all (~> 2.0.0)
    netlinkrb (0.18.vpsadminos.0)
    osctl-repo (19.09.0.build20200405142449)
      filelock
      gli (~> 2.17.1)
      json
      libosctl (= 19.09.0.build20200405142449)
      require_all (~> 2.0.0)
    osctld (19.09.0.build20200405142449)
      concurrent-ruby (~> 1.0.5)
      ipaddress (~> 0.8.3)
      json
      libosctl (= 19.09.0.build20200405142449)
      netlinkrb (= 0.18.vpsadminos.0)
      osctl-repo (= 19.09.0.build20200405142449)
      osup (= 19.09.0.build20200405142449)
      require_all (~> 2.0.0)
      ruby-lxc (= 1.2.3)
    osup (19.09.0.build20200405142449)
      gli (~> 2.17.1)
      json
      libosctl (= 19.09.0.build20200405142449)
      require_all (~> 2.0.0)
    rainbow (3.0.0)
    require_all (2.0.0)
    ruby-lxc (1.2.3)

PLATFORMS
  ruby

DEPENDENCIES
  osctld (= 19.09.0.build20200405142449)

BUNDLED WITH
   1.17.3
