GEM
  remote: https://rubygems.vpsfree.cz/
  specs:
    concurrent-ruby (1.0.5)
    filelock (1.1.1)
    gli (2.17.2)
    ipaddress (0.8.3)
    json (2.3.0)
    libosctl (20.03.0.build20200514161328)
      rainbow (~> 3.0.0)
      require_all (~> 2.0.0)
    netlinkrb (0.18.vpsadminos.0)
    osctl-repo (20.03.0.build20200514161328)
      filelock
      gli (~> 2.17.1)
      json
      libosctl (= 20.03.0.build20200514161328)
      require_all (~> 2.0.0)
    osctld (20.03.0.build20200514161328)
      concurrent-ruby (~> 1.0.5)
      ipaddress (~> 0.8.3)
      json
      libosctl (= 20.03.0.build20200514161328)
      netlinkrb (= 0.18.vpsadminos.0)
      osctl-repo (= 20.03.0.build20200514161328)
      osup (= 20.03.0.build20200514161328)
      require_all (~> 2.0.0)
      ruby-lxc (= 1.2.3)
    osup (20.03.0.build20200514161328)
      gli (~> 2.17.1)
      json
      libosctl (= 20.03.0.build20200514161328)
      require_all (~> 2.0.0)
    rainbow (3.0.0)
    require_all (2.0.0)
    ruby-lxc (1.2.3)

PLATFORMS
  ruby

DEPENDENCIES
  osctld (= 20.03.0.build20200514161328)

BUNDLED WITH
   1.17.3
