GEM
  remote: https://rubygems.vpsfree.cz/
  specs:
    filelock (1.1.1)
    gli (2.17.2)
    libosctl (20.03.0.build20200925174048)
      rainbow (~> 3.0.0)
      require_all (~> 2.0.0)
    osctl-exportfs (20.03.0.build20200925174048)
      filelock
      gli (~> 2.17.1)
      libosctl (= 20.03.0.build20200925174048)
      require_all (~> 2.0.0)
    rainbow (3.0.0)
    require_all (2.0.0)

PLATFORMS
  ruby

DEPENDENCIES
  osctl-exportfs (= 20.03.0.build20200925174048)

BUNDLED WITH
   2.1.4
