GEM
  remote: https://rubygems.vpsfree.cz/
  specs:
    gli (2.17.2)
    libosctl (19.09.0.build20200121140543)
      rainbow (~> 3.0.0)
      require_all (~> 2.0.0)
    rainbow (3.0.0)
    require_all (2.0.0)
    svctl (19.09.0.build20200121140543)
      gli (~> 2.17.1)
      libosctl (= 19.09.0.build20200121140543)

PLATFORMS
  ruby

DEPENDENCIES
  svctl (= 19.09.0.build20200121140543)

BUNDLED WITH
   1.17.3
