GEM
  remote: https://rubygems.vpsfree.cz/
  specs:
    gli (2.17.2)
    libosctl (20.03.0.build20200510182835)
      rainbow (~> 3.0.0)
      require_all (~> 2.0.0)
    rainbow (3.0.0)
    require_all (2.0.0)
    svctl (20.03.0.build20200510182835)
      gli (~> 2.17.1)
      libosctl (= 20.03.0.build20200510182835)

PLATFORMS
  ruby

DEPENDENCIES
  svctl (= 20.03.0.build20200510182835)

BUNDLED WITH
   1.17.3
